GEM
  specs:
    awesome_print (1.2.0)
    coderay (1.1.0)
    ethon (0.7.1)
      ffi (>= 1.3.0)
    ffi (1.9.3)
    firebase (0.2.2)
      json
      typhoeus (>= 0.6.1)
    json (1.8.1)
    method_source (0.8.2)
    pry (0.10.0)
      coderay (~> 1.1.0)
      method_source (~> 0.8.1)
      slop (~> 3.4)
    slop (3.5.0)
    typhoeus (0.6.9)
      ethon (>= 0.7.1)

PLATFORMS
  ruby

DEPENDENCIES
  awesome_print
  firebase
  pry
